PATH
  remote: .
  specs:
    motion-date (1.0)

GEM
  remote: https://rubygems.org/
  specs:
    rake (12.3.3)

PLATFORMS
  ruby

DEPENDENCIES
  motion-date!
  rake
